GEM
  remote: http://rubygems.org/
  remote: http://gemcutter.org/
  specs:
    actionmailer (2.3.10)
      actionpack (= 2.3.10)
    actionpack (2.3.10)
      activesupport (= 2.3.10)
      rack (~> 1.1.0)
    activerecord (2.3.10)
      activesupport (= 2.3.10)
    activeresource (2.3.10)
      activesupport (= 2.3.10)
    activesupport (2.3.10)
    authlogic (2.1.2)
      activesupport
    builder (3.0.0)
    columnize (0.3.2)
    crack (0.1.8)
    cucumber (0.6.2)
      builder (>= 2.1.2)
      diff-lcs (>= 1.1.2)
      json_pure (>= 1.2.0)
      polyglot (>= 0.2.9)
      term-ansicolor (>= 1.0.4)
      treetop (>= 1.4.2)
    cucumber-rails (0.3.0)
      cucumber (>= 0.6.2)
    database_cleaner (0.6.6)
    diff-lcs (1.1.2)
    equivalent-xml (0.2.6)
      nokogiri (>= 1.4.3)
    haml (2.2.19)
    hanna (0.1.12)
      haml (~> 2.2.8)
      rake (~> 0.8.2)
      rdoc (~> 2.3.0)
    httparty (0.7.4)
      crack (= 0.1.8)
    json_pure (1.5.1)
    linecache (0.43)
    marc (0.3.0)
    mediashelf-loggable (0.4.2)
    nokogiri (1.4.4)
    om (1.2.2)
      nokogiri (>= 1.4.2)
      om
    polyglot (0.3.1)
    rack (1.1.2)
    rack-test (0.5.7)
      rack (>= 1.0)
    rails (2.3.10)
      actionmailer (= 2.3.10)
      actionpack (= 2.3.10)
      activerecord (= 2.3.10)
      activeresource (= 2.3.10)
      activesupport (= 2.3.10)
      rake (>= 0.8.3)
    rake (0.8.7)
    rcov (0.9.9)
    rdoc (2.3.0)
    rsolr (1.0.0)
      builder (>= 2.1.2)
    rsolr-ext (1.0.0)
      rsolr (>= 1.0.0)
    rspec (1.3.0)
    rspec-rails (1.3.2)
      rack (>= 1.0.0)
      rspec (>= 1.3.0)
    ruby-debug (0.10.4)
      columnize (>= 0.1)
      ruby-debug-base (~> 0.10.4.0)
    ruby-debug-base (0.10.4)
      linecache (>= 0.3)
    sqlite3 (1.3.3)
    sqlite3-ruby (1.3.3)
      sqlite3 (>= 1.3.3)
    term-ansicolor (1.0.5)
    treetop (1.4.9)
      polyglot (>= 0.3.1)
    unicode (0.4.0)
    webrat (0.7.3)
      nokogiri (>= 1.2.0)
      rack (>= 1.0)
      rack-test (>= 0.5.3)
    will_paginate (2.3.15)

PLATFORMS
  ruby

DEPENDENCIES
  authlogic (= 2.1.2)
  cucumber (= 0.6.2)
  cucumber-rails (>= 0.2.4)
  database_cleaner (>= 0.4.3)
  equivalent-xml
  haml (= 2.2.19)
  hanna (>= 0.1.12)
  httparty
  marc (= 0.3.0)
  mediashelf-loggable
  om (>= 1.2.2)
  rails (= 2.3.10)
  rcov (>= 0.9.7.1)
  rdoc (= 2.3.0)
  rsolr (~> 1.0.0)
  rsolr-ext (~> 1.0.0)
  rspec (= 1.3.0)
  rspec-rails (= 1.3.2)
  ruby-debug
  sqlite3-ruby
  unicode
  webrat (>= 0.7.0)
  will_paginate (= 2.3.15)
